PATH
  remote: .
  specs:
    rake-plus (1.0)
      rake

GEM
  remote: http://rubygems.org/
  specs:
    rake (0.9.2.2)

PLATFORMS
  ruby

DEPENDENCIES
  rake-plus!
